GEM
  remote: http://rubygems.org/
  specs:
    addressable (2.2.8)
    akami (1.2.0)
      gyoku (>= 0.4.0)
      nokogiri (>= 1.4.0)
    aws (2.5.8)
      http_connection
      http_connection
      uuidtools
      uuidtools
      xml-simple
      xml-simple
    bcrypt-ruby (3.0.1)
    builder (3.1.3)
    cloudfiles (1.5.0.1)
      json
    cloudservers (0.4.2)
      json
    coderay (1.0.7)
    crack (0.3.1)
    daemons (1.1.9)
    data_mapper (1.2.0)
      dm-aggregates (~> 1.2.0)
      dm-constraints (~> 1.2.0)
      dm-core (~> 1.2.0)
      dm-migrations (~> 1.2.0)
      dm-serializer (~> 1.2.0)
      dm-timestamps (~> 1.2.0)
      dm-transactions (~> 1.2.0)
      dm-types (~> 1.2.0)
      dm-validations (~> 1.2.0)
    data_objects (0.10.8)
      addressable (~> 2.1)
    deltacloud-core (1.0.4)
      aws (>= 2.5.4)
      cloudfiles
      cloudservers
      crack
      excon (>= 0.14.2)
      fog (>= 1.4.0)
      haml (>= 2.2.17)
      json (>= 1.1.9)
      net-ssh (>= 2.0.0)
      nokogiri (>= 1.4.3)
      openstack (>= 1.0.4)
      rack (>= 1.0.0)
      rack-accept
      rake (>= 0.8.7)
      rbovirt (>= 0.0.12)
      rbvmomi
      rest-client
      savon (>= 1.0.0)
      sinatra (>= 1.3.0)
      sinatra-rabbit (>= 1.0.11)
      thin (>= 1.2.5)
      uuidtools (>= 2.1.1)
      waz-storage (>= 1.1.0)
    dm-aggregates (1.2.0)
      dm-core (~> 1.2.0)
    dm-constraints (1.2.0)
      dm-core (~> 1.2.0)
    dm-core (1.2.0)
      addressable (~> 2.2.6)
    dm-do-adapter (1.2.0)
      data_objects (~> 0.10.6)
      dm-core (~> 1.2.0)
    dm-migrations (1.2.0)
      dm-core (~> 1.2.0)
    dm-serializer (1.2.2)
      dm-core (~> 1.2.0)
      fastercsv (~> 1.5)
      json (~> 1.6)
      json_pure (~> 1.6)
      multi_json (~> 1.0)
    dm-sqlite-adapter (1.2.0)
      dm-do-adapter (~> 1.2.0)
      do_sqlite3 (~> 0.10.6)
    dm-timestamps (1.2.0)
      dm-core (~> 1.2.0)
    dm-transactions (1.2.0)
      dm-core (~> 1.2.0)
    dm-types (1.2.2)
      bcrypt-ruby (~> 3.0)
      dm-core (~> 1.2.0)
      fastercsv (~> 1.5)
      json (~> 1.6)
      multi_json (~> 1.0)
      stringex (~> 1.4)
      uuidtools (~> 2.1)
    dm-validations (1.2.0)
      dm-core (~> 1.2.0)
    do_sqlite3 (0.10.8)
      data_objects (= 0.10.8)
    eventmachine (1.0.0)
    excon (0.16.4)
    fastercsv (1.5.5)
    fog (1.6.0)
      builder
      excon (~> 0.14)
      formatador (~> 0.2.0)
      mime-types
      multi_json (~> 1.0)
      net-scp (~> 1.0.4)
      net-ssh (>= 2.1.3)
      nokogiri (~> 1.5.0)
      ruby-hmac
    formatador (0.2.3)
    gyoku (0.4.6)
      builder (>= 2.1.2)
    haml (3.1.7)
    http_connection (1.4.2)
    httpi (1.1.1)
      rack
    jruby-pageant (1.1.1)
    json (1.7.5)
    json_pure (1.7.4)
    method_source (0.8)
    mime-types (1.19)
    multi_json (1.3.6)
    net-scp (1.0.4)
      net-ssh (>= 1.99.1)
    net-ssh (2.6.0)
      jruby-pageant (>= 1.1.1)
    nokogiri (1.5.5)
    nori (1.1.3)
    openstack (1.0.6)
      json
    pry (0.9.10)
      coderay (~> 1.0.5)
      method_source (~> 0.8)
      slop (~> 3.3.1)
    rack (1.4.1)
    rack-accept (0.4.5)
      rack (>= 0.4)
    rack-protection (1.2.0)
      rack
    rake (0.9.2.2)
    rbovirt (0.0.12)
      nokogiri
      rest-client
    rbvmomi (1.6.0)
      builder
      nokogiri (>= 1.4.1)
      trollop
    rest-client (1.6.7)
      mime-types (>= 1.16)
    ruby-hmac (0.4.0)
    savon (1.2.0)
      akami (~> 1.2.0)
      builder (>= 2.1.2)
      gyoku (~> 0.4.5)
      httpi (~> 1.1.0)
      nokogiri (>= 1.4.0)
      nori (~> 1.1.0)
      wasabi (~> 2.5.0)
    sinatra (1.3.3)
      rack (~> 1.3, >= 1.3.6)
      rack-protection (~> 1.2)
      tilt (~> 1.3, >= 1.3.3)
    sinatra-rabbit (1.1.2)
      sinatra (>= 1.3.0)
    slop (3.3.2)
    stringex (1.4.0)
    thin (1.5.0)
      daemons (>= 1.0.9)
      eventmachine (>= 0.12.6)
      rack (>= 1.0.0)
    tilt (1.3.3)
    time-ago-in-words (0.1.2)
    trollop (2.0)
    uuidtools (2.1.3)
    wasabi (2.5.1)
      httpi (~> 1.0)
      nokogiri (>= 1.4.0)
    waz-storage (1.1.4)
      rest-client
      ruby-hmac
    xml-simple (1.1.1)

PLATFORMS
  ruby

DEPENDENCIES
  data_mapper
  deltacloud-core (>= 1.0.4)
  dm-constraints
  dm-serializer
  dm-sqlite-adapter
  pry
  time-ago-in-words
